GEM
  remote: https://rubygems.org/
  specs:
    builder (3.2.2)
    childprocess (0.3.9)
      ffi (~> 1.0, >= 1.0.11)
    cucumber (1.3.8)
      builder (>= 2.1.2)
      diff-lcs (>= 1.1.3)
      gherkin (~> 2.12.1)
      multi_json (>= 1.7.5, < 2.0)
      multi_test (>= 0.0.2)
    data_magic (0.16.1)
      faker (>= 1.1.2)
      yml_reader (>= 0.2)
    diff-lcs (1.2.4)
    faker (1.2.0)
      i18n (~> 0.5)
    ffi (1.9.3)
    gherkin (2.12.2)
      multi_json (~> 1.3)
    i18n (0.6.5)
    json (1.8.1)
    mediawiki-selenium (0.1.12)
      cucumber
      json
      net-http-persistent
      page-object
      rest-client
      rspec-expectations
      syntax
    mime-types (2.0)
    multi_json (1.8.2)
    multi_test (0.0.2)
    net-http-persistent (2.9)
    page-object (0.9.3)
      page_navigation (>= 0.8)
      selenium-webdriver (>= 2.37.0)
      watir-webdriver (>= 0.6.4)
    page_navigation (0.9)
      data_magic (>= 0.14)
    rest-client (1.6.7)
      mime-types (>= 1.16)
    rspec-expectations (2.14.3)
      diff-lcs (>= 1.1.3, < 2.0)
    rubyzip (1.0.0)
    selenium-webdriver (2.37.0)
      childprocess (>= 0.2.5)
      multi_json (~> 1.0)
      rubyzip (~> 1.0.0)
      websocket (~> 1.0.4)
    syntax (1.0.0)
    watir-webdriver (0.6.4)
      selenium-webdriver (>= 2.18.0)
    websocket (1.0.7)
    yml_reader (0.2)

PLATFORMS
  ruby

DEPENDENCIES
  mediawiki-selenium
