GEM
  remote: https://rubygems.org/
  specs:
    builder (3.2.2)
    childprocess (0.5.1)
      ffi (~> 1.0, >= 1.0.11)
    cucumber (1.3.10)
      builder (>= 2.1.2)
      diff-lcs (>= 1.1.3)
      gherkin (~> 2.12)
      multi_json (>= 1.7.5, < 2.0)
      multi_test (>= 0.0.2)
    data_magic (0.17)
      faker (>= 1.1.2)
      yml_reader (>= 0.2)
    diff-lcs (1.2.5)
    faker (1.2.0)
      i18n (~> 0.5)
    ffi (1.9.3)
    gherkin (2.12.2)
      multi_json (~> 1.3)
    headless (1.0.1)
    i18n (0.6.9)
    json (1.8.1)
    mediawiki_api (0.0.2)
      cucumber (~> 1.3, >= 1.3.10)
      headless (~> 1.0, >= 1.0.1)
      json (~> 1.8, >= 1.8.1)
      net-http-persistent (~> 2.9, >= 2.9.1)
      page-object (~> 0.9, >= 0.9.5)
      rest-client (~> 1.6, >= 1.6.7)
      rest-client (~> 1.6, >= 1.6.7)
      rspec-expectations (~> 2.14, >= 2.14.4)
      syntax (~> 1.2, >= 1.2.0)
    mediawiki_selenium (0.2.7)
    mime-types (2.1)
    multi_json (1.8.4)
    multi_test (0.0.3)
    net-http-persistent (2.9.4)
    page-object (0.9.6)
      page_navigation (>= 0.9)
      selenium-webdriver (>= 2.39.0)
      watir-webdriver (>= 0.6.7)
    page_navigation (0.9)
      data_magic (>= 0.14)
    rest-client (1.6.7)
      mime-types (>= 1.16)
    rspec-expectations (2.14.5)
      diff-lcs (>= 1.1.3, < 2.0)
    rubyzip (1.1.0)
    selenium-webdriver (2.39.0)
      childprocess (>= 0.2.5)
      multi_json (~> 1.0)
      rubyzip (~> 1.0)
      websocket (~> 1.0.4)
    syntax (1.2.0)
    watir-webdriver (0.6.7)
      selenium-webdriver (>= 2.18.0)
    websocket (1.0.7)
    yml_reader (0.2)

PLATFORMS
  ruby

DEPENDENCIES
  mediawiki_api
  mediawiki_selenium
